GEM
  remote: http://rubygems.org/
  specs:
   selenium-webdriver (3.11.0)
      
PLATFORMS
  ruby

DEPENDENCIES
  selenium-webdriver

BUNDLED WITH
   1.12.5
